PATH
  remote: vendor/gems/authlogic
  specs:
    authlogic (2.1.6)
      activesupport

GEM
  remote: http://rubygems.org/
  specs:
    abstract (1.0.0)
    actionmailer (3.0.3)
      actionpack (= 3.0.3)
      mail (~> 2.2.9)
    actionpack (3.0.3)
      activemodel (= 3.0.3)
      activesupport (= 3.0.3)
      builder (~> 2.1.2)
      erubis (~> 2.6.6)
      i18n (~> 0.4)
      rack (~> 1.2.1)
      rack-mount (~> 0.6.13)
      rack-test (~> 0.5.6)
      tzinfo (~> 0.3.23)
    activemodel (3.0.3)
      activesupport (= 3.0.3)
      builder (~> 2.1.2)
      i18n (~> 0.4)
    activerecord (3.0.3)
      activemodel (= 3.0.3)
      activesupport (= 3.0.3)
      arel (~> 2.0.2)
      tzinfo (~> 0.3.23)
    activeresource (3.0.3)
      activemodel (= 3.0.3)
      activesupport (= 3.0.3)
    activesupport (3.0.3)
    acts_as_commentable (3.0.1)
    annotate (2.4.0)
    arel (2.0.7)
    awesome_print (0.3.1)
    builder (2.1.2)
    diff-lcs (1.1.2)
    erubis (2.6.6)
      abstract (>= 1.0.0)
    factory_girl (1.3.3)
    ffaker (1.0.0)
    haml (3.0.25)
    hoe (2.8.0)
      rake (>= 0.8.7)
    i18n (0.5.0)
    mail (2.2.14)
      activesupport (>= 2.3.6)
      i18n (>= 0.4.0)
      mime-types (~> 1.16)
      treetop (~> 1.4.8)
    mime-types (1.16)
    mysql2 (0.2.6)
    paperclip (2.3.8)
      activerecord
      activesupport
    polyglot (0.3.1)
    rack (1.2.1)
    rack-mount (0.6.13)
      rack (>= 1.0.0)
    rack-test (0.5.7)
      rack (>= 1.0)
    rails (3.0.3)
      actionmailer (= 3.0.3)
      actionpack (= 3.0.3)
      activerecord (= 3.0.3)
      activeresource (= 3.0.3)
      activesupport (= 3.0.3)
      bundler (~> 1.0)
      railties (= 3.0.3)
    railties (3.0.3)
      actionpack (= 3.0.3)
      activesupport (= 3.0.3)
      rake (>= 0.8.7)
      thor (~> 0.14.4)
    rake (0.8.7)
    rspec (2.5.0)
      rspec-core (~> 2.5.0)
      rspec-expectations (~> 2.5.0)
      rspec-mocks (~> 2.5.0)
    rspec-core (2.5.1)
    rspec-expectations (2.5.0)
      diff-lcs (~> 1.1.2)
    rspec-mocks (2.5.0)
    rspec-rails (2.5.0)
      actionpack (~> 3.0)
      activesupport (~> 3.0)
      railties (~> 3.0)
      rspec (~> 2.5.0)
    simple_column_search (1.1.0)
    sqlite3-ruby (1.3.2)
    test-unit (1.2.3)
      hoe (>= 1.5.1)
    thor (0.14.6)
    treetop (1.4.9)
      polyglot (>= 0.3.1)
    tzinfo (0.3.23)
    will_paginate (3.0.pre2)

PLATFORMS
  ruby

DEPENDENCIES
  acts_as_commentable (>= 3.0.1)
  annotate (>= 2.4.0)
  authlogic (>= 2.1.6)!
  awesome_print (>= 0.3.1)
  factory_girl (>= 1.3.2)
  ffaker (>= 1.0.0)
  haml (>= 3.0.24)
  mysql2 (>= 0.2.6)
  paperclip (>= 2.3.6)
  rails (= 3.0.3)
  rspec (>= 2.5.0)
  rspec-core (>= 2.5.0)
  rspec-expectations (>= 2.5.0)
  rspec-mocks (>= 2.5.0)
  rspec-rails (>= 2.5.0)
  simple_column_search (>= 1.1.0)
  sqlite3-ruby
  test-unit (= 1.2.3)
  will_paginate (>= 3.0.pre2)
