GEM
  remote: http://rubygems.org/
  specs:
    actionmailer (3.2.9)
      actionpack (= 3.2.9)
      mail (~> 2.4.4)
    actionpack (3.2.9)
      activemodel (= 3.2.9)
      activesupport (= 3.2.9)
      builder (~> 3.0.0)
      erubis (~> 2.7.0)
      journey (~> 1.0.4)
      rack (~> 1.4.0)
      rack-cache (~> 1.2)
      rack-test (~> 0.6.1)
      sprockets (~> 2.2.1)
    activemodel (3.2.9)
      activesupport (= 3.2.9)
      builder (~> 3.0.0)
    activerecord (3.2.9)
      activemodel (= 3.2.9)
      activesupport (= 3.2.9)
      arel (~> 3.0.2)
      tzinfo (~> 0.3.29)
    activeresource (3.2.9)
      activemodel (= 3.2.9)
      activesupport (= 3.2.9)
    activesupport (3.2.9)
      i18n (~> 0.6)
      multi_json (~> 1.0)
    acts-as-taggable-on (2.3.3)
      rails (~> 3.0)
    acts_as_commentable (3.0.1)
    acts_as_fu (0.0.8)
      activerecord
      sqlite3
    acts_as_list (0.1.8)
    addressable (2.3.2)
    ajax-chosen-rails (0.2.1)
      chosen-rails_ffcrm
      railties (~> 3.0)
      thor (~> 0.14)
    arel (3.0.2)
    authlogic (3.1.0)
      activerecord (>= 3.0.7)
      activerecord (>= 3.0.7)
    awesome_print (1.1.0)
    binding_of_caller (0.6.8)
    builder (3.0.4)
    bundler_local_development (0.4.1)
      bundler
    cancan (1.6.8)
    capistrano (2.13.5)
      highline
      net-scp (>= 1.0.0)
      net-sftp (>= 2.0.0)
      net-ssh (>= 2.0.14)
      net-ssh-gateway (>= 1.1.0)
    capistrano_colors (0.5.5)
    capybara (1.1.4)
      mime-types (>= 1.16)
      nokogiri (>= 1.3.3)
      rack (>= 1.0.0)
      rack-test (>= 0.5.4)
      selenium-webdriver (~> 2.0)
      xpath (~> 0.1.4)
    childprocess (0.3.6)
      ffi (~> 1.0, >= 1.0.6)
    chosen-rails_ffcrm (0.9.5)
      railties (~> 3.0)
      thor (~> 0.14)
    chronic (0.6.7)
    cocaine (0.4.2)
    coderay (1.0.8)
    coffee-rails (3.2.2)
      coffee-script (>= 2.2.0)
      railties (~> 3.2.0)
    coffee-script (2.2.0)
      coffee-script-source
      execjs
    coffee-script-source (1.4.0)
    combined_time_select (0.0.1)
    css_parser (1.2.6)
      addressable
      rdoc
    database_cleaner (0.9.1)
    delayed_job (3.0.4)
      activesupport (~> 3.0)
    delayed_job_active_record (0.3.3)
      activerecord (>= 2.1.0, < 4)
      delayed_job (~> 3.0)
    diff-lcs (1.1.3)
    dynamic_form (1.1.4)
    email_reply_parser_ffcrm (0.5.0)
    erubis (2.7.0)
    execjs (1.4.0)
      multi_json (~> 1.0)
    factory_girl (3.0.0)
      activesupport (>= 3.0.0)
    factory_girl_rails (3.0.0)
      factory_girl (~> 3.0.0)
      railties (>= 3.0.0)
    ffaker (1.15.0)
    ffi (1.2.0)
    haml (3.1.7)
    headless (0.3.1)
    highline (1.6.15)
    hike (1.2.1)
    htmlentities (4.3.1)
    httparty (0.9.0)
      multi_json (~> 1.0)
      multi_xml
    httpi (1.1.1)
      rack
    i18n (0.6.1)
    ice_cube (0.9.1)
    journey (1.0.4)
    jquery-rails (2.1.4)
      railties (>= 3.0, < 5.0)
      thor (>= 0.14, < 2.0)
    json (1.7.5)
    kgio (2.7.4)
    libv8 (3.3.10.4)
    libwebsocket (0.1.7.1)
      addressable
      websocket
    mail (2.4.4)
      i18n (>= 0.4.0)
      mime-types (~> 1.16)
      treetop (~> 1.4.8)
    mailchimp (0.0.7.alpha)
      httparty
    mandrill (0.0.2)
      httpi
      json
    mandrill-rails (0.0.2)
      activesupport (>= 3.0.3)
      mandrill (~> 0.0.2)
    method_source (0.8.1)
    mime-types (1.19)
    multi_json (1.4.0)
    multi_xml (0.5.1)
    mysql2 (0.3.10)
    net-scp (1.0.4)
      net-ssh (>= 1.99.1)
    net-sftp (2.0.5)
      net-ssh (>= 2.0.9)
    net-ssh (2.6.2)
    net-ssh-gateway (1.1.0)
      net-ssh (>= 1.99.1)
    nokogiri (1.5.5)
    paper_trail (2.6.4)
      activerecord (~> 3.0)
      railties (~> 3.0)
    paperclip (2.8.0)
      activerecord (>= 2.3.0)
      activesupport (>= 2.3.2)
      cocaine (>= 0.0.2)
      mime-types
    polyamorous (0.5.0)
      activerecord (~> 3.0)
    polyglot (0.3.3)
    premailer (1.7.3)
      css_parser (>= 1.1.9)
      htmlentities (>= 4.0.0)
    prototype-rails (3.2.1)
      rails (~> 3.2)
    pry (0.9.10)
      coderay (~> 1.0.5)
      method_source (~> 0.8)
      slop (~> 3.3.1)
    pry-nav (0.2.2)
      pry (~> 0.9.10)
    pry-rails (0.2.2)
      pry (>= 0.9.10)
    pry-stack_explorer (0.4.7)
      binding_of_caller (~> 0.6.8)
    rack (1.4.1)
    rack-cache (1.2)
      rack (>= 0.4)
    rack-ssl (1.3.2)
      rack
    rack-test (0.6.2)
      rack (>= 1.0)
    rails (3.2.9)
      actionmailer (= 3.2.9)
      actionpack (= 3.2.9)
      activerecord (= 3.2.9)
      activeresource (= 3.2.9)
      activesupport (= 3.2.9)
      bundler (~> 1.0)
      railties (= 3.2.9)
    rails3-jquery-autocomplete (1.0.10)
      rails (~> 3.0)
    railties (3.2.9)
      actionpack (= 3.2.9)
      activesupport (= 3.2.9)
      rack-ssl (~> 1.3.2)
      rake (>= 0.8.7)
      rdoc (~> 3.4)
      thor (>= 0.14.6, < 2.0)
    raindrops (0.10.0)
    rake (10.0.2)
    ransack_chronic (1.0.0)
      chronic (>= 0.6.7)
    ransack_ffcrm (0.7.1)
      actionpack (~> 3.0)
      activerecord (~> 3.0)
      chronic (~> 0.6.7)
      polyamorous (~> 0.5.0)
    ransack_ui (0.1.7)
      ransack_chronic
    rdoc (3.12)
      json (~> 1.4)
    responds_to_parent (1.1.0)
    rspec (2.9.0)
      rspec-core (~> 2.9.0)
      rspec-expectations (~> 2.9.0)
      rspec-mocks (~> 2.9.0)
    rspec-core (2.9.0)
    rspec-expectations (2.9.1)
      diff-lcs (~> 1.1.3)
    rspec-mocks (2.9.0)
    rspec-rails (2.9.0)
      actionpack (>= 3.0)
      activesupport (>= 3.0)
      railties (>= 3.0)
      rspec (~> 2.9.0)
    rubyzip (0.9.9)
    rvm-capistrano (1.2.7)
      capistrano (>= 2.0.0)
    sass (3.2.3)
    sass-rails (3.2.5)
      railties (~> 3.2.0)
      sass (>= 3.1.10)
      tilt (~> 1.3)
    select2-rails (3.2.1)
      thor (~> 0.14)
    selenium-webdriver (2.26.0)
      childprocess (>= 0.2.5)
      libwebsocket (~> 0.1.3)
      multi_json (~> 1.0)
      rubyzip
    simple_form (2.0.4)
      actionpack (~> 3.0)
      activemodel (~> 3.0)
    slop (3.3.3)
    spork (0.9.2)
    sprockets (2.2.2)
      hike (~> 1.2)
      multi_json (~> 1.0)
      rack (~> 1.0)
      tilt (~> 1.1, != 1.3.0)
    sqlite3 (1.3.6)
    therubyracer (0.10.2)
      libv8 (~> 3.3.10)
    thor (0.16.0)
    tilt (1.3.3)
    treetop (1.4.12)
      polyglot
      polyglot (>= 0.3.1)
    turbo-sprockets-rails3 (0.3.2)
      railties (> 3.2.8, < 4.0.0)
      sprockets (>= 2.0.0)
    tzinfo (0.3.35)
    uglifier (1.3.0)
      execjs (>= 0.3.0)
      multi_json (~> 1.0, >= 1.0.2)
    unicorn (4.4.0)
      kgio (~> 2.6)
      rack
      raindrops (~> 0.7)
    valium (0.5.0)
      activerecord (>= 3.0.2)
    webrick (1.3.1)
    websocket (1.0.4)
    will_paginate (3.0.3)
    xpath (0.1.4)
      nokogiri (~> 1.3)

PLATFORMS
  ruby

DEPENDENCIES
  acts-as-taggable-on (~> 2.3.3)
  acts_as_commentable (~> 3.0.1)
  acts_as_fu (~> 0.0.8)
  acts_as_list (~> 0.1.4)
  ajax-chosen-rails (>= 0.2.1)
  authlogic (= 3.1.0)
  awesome_print
  bundler_local_development
  cancan
  capistrano_colors
  capybara (~> 1.1)
  cocaine
  coffee-rails (~> 3.2.1)
  combined_time_select (~> 0.0.1)
  database_cleaner
  delayed_job_active_record
  dynamic_form
  email_reply_parser_ffcrm
  execjs
  factory_girl_rails (~> 3.0.0)
  ffaker (>= 1.12.0)
  haml (~> 3)
  headless
  ice_cube
  jquery-rails
  mailchimp
  mandrill-rails
  mysql2 (= 0.3.10)
  nokogiri
  paper_trail
  paperclip (~> 2.8.0)
  premailer
  prototype-rails
  pry-nav
  pry-rails
  pry-stack_explorer
  rails (~> 3.2.8)
  rails3-jquery-autocomplete
  ransack_ffcrm (~> 0.7.1)
  ransack_ui (>= 0.1.7)
  responds_to_parent (>= 1.1.0)
  rspec-rails (~> 2.9.0)
  rvm-capistrano
  sass (~> 3)
  sass-rails (~> 3.2.3)
  select2-rails
  simple_form (~> 2.0.1)
  spork
  therubyracer
  turbo-sprockets-rails3
  uglifier (>= 1.0.3)
  unicorn
  valium
  webrick (~> 1.3.1)
  will_paginate (~> 3.0.2)
