GIT
  remote: git://github.com/thoughtbot/paperclip.git
  revision: 9e6afe4
  specs:
    paperclip (2.3.3)
      activerecord
      activesupport

PATH
  remote: vendor/gems/authlogic
  specs:
    authlogic (2.1.6)
      activesupport

GEM
  remote: http://rubygems.org/
  specs:
    abstract (1.0.0)
    actionmailer (3.0.0)
      actionpack (= 3.0.0)
      mail (~> 2.2.5)
    actionpack (3.0.0)
      activemodel (= 3.0.0)
      activesupport (= 3.0.0)
      builder (~> 2.1.2)
      erubis (~> 2.6.6)
      i18n (~> 0.4.1)
      rack (~> 1.2.1)
      rack-mount (~> 0.6.12)
      rack-test (~> 0.5.4)
      tzinfo (~> 0.3.23)
    activemodel (3.0.0)
      activesupport (= 3.0.0)
      builder (~> 2.1.2)
      i18n (~> 0.4.1)
    activerecord (3.0.0)
      activemodel (= 3.0.0)
      activesupport (= 3.0.0)
      arel (~> 1.0.0)
      tzinfo (~> 0.3.23)
    activeresource (3.0.0)
      activemodel (= 3.0.0)
      activesupport (= 3.0.0)
    activesupport (3.0.0)
    acts_as_commentable (3.0.0)
    annotate (2.4.0)
    arel (1.0.1)
      activesupport (~> 3.0.0)
    awesome_print (0.2.1)
    builder (2.1.2)
    diff-lcs (1.1.2)
    erubis (2.6.6)
      abstract (>= 1.0.0)
    factory_girl (1.3.2)
    ffaker (0.4.0)
    haml (3.0.21)
    hoe (2.6.2)
      rake (>= 0.8.7)
      rubyforge (>= 2.0.4)
    i18n (0.4.1)
    json_pure (1.4.6)
    mail (2.2.5)
      activesupport (>= 2.3.6)
      mime-types
      treetop (>= 1.4.5)
    mime-types (1.16)
    mysql2 (0.2.4)
    polyglot (0.3.1)
    rack (1.2.1)
    rack-mount (0.6.13)
      rack (>= 1.0.0)
    rack-test (0.5.4)
      rack (>= 1.0)
    rails (3.0.0)
      actionmailer (= 3.0.0)
      actionpack (= 3.0.0)
      activerecord (= 3.0.0)
      activeresource (= 3.0.0)
      activesupport (= 3.0.0)
      bundler (~> 1.0.0)
      railties (= 3.0.0)
    railties (3.0.0)
      actionpack (= 3.0.0)
      activesupport (= 3.0.0)
      rake (>= 0.8.4)
      thor (~> 0.14.0)
    rake (0.8.7)
    rspec (2.0.0)
      rspec-core (= 2.0.0)
      rspec-expectations (= 2.0.0)
      rspec-mocks (= 2.0.0)
    rspec-core (2.0.0)
    rspec-expectations (2.0.0)
      diff-lcs (>= 1.1.2)
    rspec-mocks (2.0.0)
      rspec-core (= 2.0.0)
      rspec-expectations (= 2.0.0)
    rspec-rails (2.0.0)
      rspec (= 2.0.0)
    rubyforge (2.0.4)
      json_pure (>= 1.1.7)
    simple_column_search (1.1.0)
    sqlite3-ruby (1.3.1)
    test-unit (1.2.3)
      hoe (>= 1.5.1)
    thor (0.14.0)
    treetop (1.4.8)
      polyglot (>= 0.3.1)
    tzinfo (0.3.23)
    will_paginate (3.0.pre2)

PLATFORMS
  ruby

DEPENDENCIES
  acts_as_commentable (>= 3.0.0)
  annotate (>= 2.4.0)
  authlogic (>= 2.1.6)!
  awesome_print (>= 0.2.1)
  factory_girl (>= 1.3.2)
  ffaker (>= 0.4.0)
  haml (>= 3.0.21)
  mysql2 (>= 0.2.4)
  paperclip (>= 2.3.3)!
  rails (= 3.0.0)
  rspec (>= 2.0.0)
  rspec-core (>= 2.0.0)
  rspec-expectations (>= 2.0.0)
  rspec-mocks (>= 2.0.0)
  rspec-rails (>= 2.0.0)
  simple_column_search (>= 1.1.0)
  sqlite3-ruby
  test-unit (= 1.2.3)
  will_paginate (>= 3.0.pre2)
